GEM
  remote: https://rubygems.org/
  specs:
    r-fxxk (0.4.0)

PLATFORMS
  ruby
  x86_64-linux

DEPENDENCIES
  r-fxxk

BUNDLED WITH
   2.5.23
